PATH
  remote: .
  specs:
    pi_piper (2.0.beta.11)
      eventmachine (= 1.0.3)
      ffi

GEM
  remote: https://rubygems.org/
  specs:
    allison (2.0.3)
    diff-lcs (1.2.4)
    echoe (4.6.3)
      allison (>= 2.0.3)
      gemcutter (>= 0.7.0)
      rake (>= 0.9.2)
      rdoc (>= 3.6.1)
      rubyforge (>= 2.0.4)
    eventmachine (1.0.3)
    ffi (1.9.0)
    gemcutter (0.7.1)
    json (1.8.1)
    json_pure (1.8.1)
    metaclass (0.0.1)
    mocha (0.14.0)
      metaclass (~> 0.0.1)
    multi_json (1.8.2)
    rake (10.1.0)
    rdoc (4.0.1)
      json (~> 1.4)
    rspec (3.4.0)
      rspec-core (~> 3.4.0)
      rspec-expectations (~> 3.4.0)
      rspec-mocks (~> 3.4.0)
    rspec-core (3.4.1)
      rspec-support (~> 3.4.0)
    rspec-expectations (3.4.0)
      diff-lcs (>= 1.2.0, < 2.0)
      rspec-support (~> 3.4.0)
    rspec-mocks (3.4.1)
      diff-lcs (>= 1.2.0, < 2.0)
      rspec-support (~> 3.4.0)
    rspec-support (3.4.1)
    rubyforge (2.0.4)
      json_pure (>= 1.1.7)
    simplecov (0.7.1)
      multi_json (~> 1.0)
      simplecov-html (~> 0.7.1)
    simplecov-html (0.7.1)

PLATFORMS
  ruby

DEPENDENCIES
  echoe
  eventmachine (~> 1.0.3)
  ffi
  mocha
  pi_piper!
  rake
  rspec (~> 3.0)
  simplecov
